PATH
  remote: .
  specs:
    nested_array (1.0.0)

GEM
  remote: https://rubygems.org/
  specs:
    awesome_print (1.8.0)
    byebug (11.0.1)
    diff-lcs (1.3)
    rake (10.5.0)
    rspec (3.9.0)
      rspec-core (~> 3.9.0)
      rspec-expectations (~> 3.9.0)
      rspec-mocks (~> 3.9.0)
    rspec-core (3.9.0)
      rspec-support (~> 3.9.0)
    rspec-expectations (3.9.0)
      diff-lcs (>= 1.2.0, < 2.0)
      rspec-support (~> 3.9.0)
    rspec-mocks (3.9.0)
      diff-lcs (>= 1.2.0, < 2.0)
      rspec-support (~> 3.9.0)
    rspec-support (3.9.0)

PLATFORMS
  ruby

DEPENDENCIES
  awesome_print (~> 1.8)
  bundler (~> 2.0)
  byebug (~> 11.0)
  nested_array!
  rake (~> 10.0)
  rspec (~> 3.9)

BUNDLED WITH
   2.0.1
